GEM
  remote: http://rubygems.org/
  remote: http://ruby.taobao.org/
  specs:
    daemons (1.1.8)
    eventmachine (0.12.6)
    rack (1.4.1)
    rack-protection (1.2.0)
      rack
    sinatra (1.3.1)
      rack (~> 1.3, >= 1.3.4)
      rack-protection (~> 1.1, >= 1.1.2)
      tilt (~> 1.3, >= 1.3.3)
    thin (1.4.1)
      daemons (>= 1.0.9)
      eventmachine (>= 0.12.6)
      rack (>= 1.0.0)
    tilt (1.3.3)

PLATFORMS
  x86-mingw32

DEPENDENCIES
  eventmachine (= 0.12.6)
  sinatra (= 1.3.1)
  thin (= 1.4.1)
