PATH
  remote: .
  specs:
    todo2 (0.0.1)

GEM
  remote: http://ruby.taobao.org/
  specs:
    json (1.7.3)
    rake (0.9.2.2)
    rdoc (3.12)
      json (~> 1.4)

PLATFORMS
  ruby

DEPENDENCIES
  rake
  rdoc
  todo2!
